GEM
  remote: https://rubygems.org/
  specs:
    bcrypt (3.1.18)
    coingecko_ruby (0.4.2)
    minitest (5.15.0)
    rake (13.0.6)

PLATFORMS
  arm64-darwin-21

DEPENDENCIES
  bcrypt (~> 3.1)
  coingecko_ruby (~> 0.4.2)
  minitest (~> 5.15)
  rake (~> 13.0)

BUNDLED WITH
   2.3.15
