GEM
  remote: https://rubygems.org/
  specs:
    bcrypt (3.1.18)
    coingecko_ruby (0.4.2)
    docile (1.4.0)
    json (2.6.2)
    minitest (5.15.0)
    rake (13.0.6)
    simplecov (0.21.2)
      docile (~> 1.1)
      simplecov-html (~> 0.11)
      simplecov_json_formatter (~> 0.1)
    simplecov-html (0.12.3)
    simplecov_json_formatter (0.1.4)

PLATFORMS
  aarch64-linux-musl
  arm64-darwin-21

DEPENDENCIES
  bcrypt (~> 3.1)
  coingecko_ruby (~> 0.4.2)
  json (~> 2.6)
  minitest (~> 5.15)
  rake (~> 13.0)
  simplecov (~> 0.21.2)

BUNDLED WITH
   2.3.15
